{
  "InstitutionAddress": "",
  "InstitutionName": "University of South Florida (USF) or Brigham Young University (BYU)",
  "InstitutionalDepartmentName": "USF: Dept of Psychology; BYU: Depatment of Psychology, Neuroscience Center",
  "PowerLineFrequency": 60,
  "HardwareFilters": {
    "Online_Lowpass": {
      "halfpower_cutoff": "2000 (Hz)",
      "type": "delta-sigma sinc"
    }
  },
  "ManufacturersModelName": "Magstim EGI 128-Hydrocel",
  "TaskName": "mixed",
  "EEGChannelCount": 128,
  "EEGReference": "E129",
  "RecordingType": "continuous",
  "RecordingDuration": 1647.742,
  "SamplingFrequency": 500,
  "SubjectArtefactDescription": "Tasks were run in the following order: 1  3  2",
  "EOGChannelCount": 0,
  "ECGChannelCount": 0,
  "EMGChannelCount": 0,
  "SoftwareFilters": "n/a"
}